GEM
  remote: https://rubygems.org/
  specs:
    ffi (1.11.1)

PLATFORMS
  ruby

DEPENDENCIES
  ffi

BUNDLED WITH
   2.0.1
